{
    "TaskName": "interictal-monitoring",
    "Manufacturer": "Neuralynx",
    "PowerLineFrequency": 50.0,
    "SamplingFrequency": 2000.0,
    "SoftwareFilters": {
        "Sampling": {
            "Downsampled (Hz)": 2000
        }
    },
    "RecordingDuration": 229.9995,
    "RecordingType": "continuous",
    "iEEGReference": "n/a",
    "ECOGChannelCount": 64,
    "SEEGChannelCount": 0,
    "EEGChannelCount": 0,
    "EOGChannelCount": 0,
    "ECGChannelCount": 0,
    "EMGChannelCount": 0,
    "MiscChannelCount": 0,
    "TriggerChannelCount": 0,
    "TaskDescription": "5 minute interictal periods of slow sleep chosen for HFO analysis",
    "InstitutionName": "University Hospital Zurich, Neurosurgery Department, Zurich, Switzerland",
    "ElectrodeManufacturer": "Adtech",
    "HardwareFilters": {
        "Bandpass RC filter": {
            "low cutoff (Hz)": 1000,
            "high cutoff (Hz)": 0.5
        }
    }
}
